GEM
  remote: https://rubygems.org/
  specs:
    anystyle-parser (0.2.1)
      bibtex-ruby (~> 2.0)
      namae (~> 0.7.1)
      wapiti (~> 0.0)
    bibtex-ruby (2.3.4)
      latex-decode (>= 0.0.6)
      multi_json (~> 1.3)
    citeproc-ruby (0.0.6)
      logging (~> 1.5)
      nokogiri (~> 1.5)
    ffi (1.9.3)
    hoe (3.7.3)
      rake (>= 0.8, < 11.0)
    latex-decode (0.1.1)
      unicode (~> 0.4)
    listen (1.3.1)
      rb-fsevent (>= 0.9.3)
      rb-inotify (>= 0.9)
      rb-kqueue (>= 0.2)
    little-plugger (1.1.3)
    logging (1.8.1)
      little-plugger (>= 1.1.3)
      multi_json (>= 1.3.6)
    mini_portile (0.5.2)
    multi_json (1.8.2)
    namae (0.7.1)
    namecase (1.1.0)
      hoe (>= 1.7.0)
    nokogiri (1.6.1)
      mini_portile (~> 0.5.0)
    rake (10.1.0)
    rb-appscript (0.6.1)
    rb-fsevent (0.9.3)
    rb-inotify (0.9.3)
      ffi (>= 0.5.0)
    rb-kqueue (0.2.0)
      ffi (>= 0.5.0)
    sanitize (2.0.6)
      nokogiri (>= 1.4.4)
    unicode (0.4.4)
    wapiti (0.0.5)

PLATFORMS
  ruby

DEPENDENCIES
  anystyle-parser
  bibtex-ruby
  citeproc-ruby
  listen (= 1.3.1)
  namecase
  rb-appscript
  sanitize
